GEM
  remote: https://rubygems.org/
  specs:
    bcrypt (3.1.9)
    ffi (1.9.6)
    json (1.8.1)
    mini_portile (0.6.1)
    mysql2 (0.3.17)
    nokogiri (1.6.5)
      mini_portile (~> 0.6.0)
    pg (0.17.1)
    sqlite3 (1.3.9)
    yajl-ruby (1.2.1)

PLATFORMS
  ruby

DEPENDENCIES
  bcrypt
  ffi
  json
  mysql2
  nokogiri
  pg
  sqlite3
  yajl-ruby
