GEM
  remote: https://rubygems.org/
  specs:
    fast-stemmer (1.0.2)
    hitimes (1.2.2)
    hitimes (1.2.2-x86-mingw32)
    kgio (2.9.3)
    mysql2 (0.3.11)
    mysql2 (0.3.11-x86-mingw32)
    pg (0.18.1)
    pg (0.18.1-x86-mingw32)
    puma (2.11.0)
      rack (>= 1.1, < 2.0)
    rack (1.6.0)
    raindrops (0.13.0)
    redcarpet (3.2.2)
    unicorn (4.8.3)
      kgio (~> 2.6)
      rack
      raindrops (~> 0.7)

PLATFORMS
  ruby
  x86-mingw32

DEPENDENCIES
  fast-stemmer
  hitimes
  kgio
  mysql2 (= 0.3.11)
  pg
  puma
  raindrops
  redcarpet
  unicorn
