GEM
  remote: https://rubygems.org/
  specs:
    fast-stemmer (1.0.2)
    hitimes (1.2.2)
    hitimes (1.2.2-x86-mingw32)
    kgio (2.9.3)
    mysql2 (0.3.18)
    mysql2 (0.3.18-x86-mingw32)
    pg (0.18.2)
    pg (0.18.2-x86-mingw32)
    puma (2.11.2)
      rack (>= 1.1, < 2.0)
    rack (1.6.1)
    raindrops (0.13.0)
    redcarpet (3.2.3)
    snappy (0.0.11)
    unicorn (4.9.0)
      kgio (~> 2.6)
      rack
      raindrops (~> 0.7)

PLATFORMS
  ruby
  x86-mingw32

DEPENDENCIES
  fast-stemmer
  hitimes
  kgio
  mysql2
  pg
  puma
  raindrops
  redcarpet
  snappy
  unicorn
